GEM
  remote: http://rubygems.org/
  specs:
    dotenv (1.0.2)
    dotenv-rails (1.0.2)
      dotenv (= 1.0.2)
    hominid (3.0.5)
    rack (1.5.2)
    rack-google-analytics (0.9.2)
    rack-protection (1.3.2)
      rack
    sinatra (1.3.4)
      rack (~> 1.4)
      rack-protection (~> 1.3)
      tilt (~> 1.3, >= 1.3.3)
    tilt (1.3.3)

PLATFORMS
  ruby

DEPENDENCIES
  dotenv-rails
  hominid (~> 3.0.5)
  rack-google-analytics (~> 0.9.2)
  sinatra (~> 1.3.4)

RUBY VERSION
   ruby 2.5.3p105

BUNDLED WITH
   2.0.2
